PATH
  remote: .
  specs:
    right_amqp (0.5.2)
      eventmachine (~> 0.12.10)
      right_support (>= 1.2, < 3.0)

GEM
  remote: http://rubygems.org/
  remote: http://gems.github.com/
  remote: http://s3.amazonaws.com/rightscale_rightlink_gems_dev/
  specs:
    archive-tar-minitar (0.5.2)
    bacon (1.1.0)
    columnize (0.3.6)
    diff-lcs (1.1.3)
    eventmachine (0.12.11.6)
    flexmock (0.9.0)
    json (1.6.5)
    linecache19 (0.5.12)
      ruby_core_source (>= 0.1.4)
    rake (0.9.2.2)
    rdoc (3.12)
      json (~> 1.4)
    right_support (2.2.2)
    rspec (2.8.0)
      rspec-core (~> 2.8.0)
      rspec-expectations (~> 2.8.0)
      rspec-mocks (~> 2.8.0)
    rspec-core (2.8.0)
    rspec-expectations (2.8.0)
      diff-lcs (~> 1.1.2)
    rspec-mocks (2.8.0)
    ruby-debug-base19 (0.11.25)
      columnize (>= 0.3.1)
      linecache19 (>= 0.5.11)
      ruby_core_source (>= 0.1.4)
    ruby-debug19 (0.11.6)
      columnize (>= 0.3.1)
      linecache19 (>= 0.5.11)
      ruby-debug-base19 (>= 0.11.19)
    ruby_core_source (0.1.5)
      archive-tar-minitar (>= 0.5.2)

PLATFORMS
  ruby

DEPENDENCIES
  bacon
  eventmachine (= 0.12.11.6)
  flexmock (~> 0.9)
  rake (= 0.9.2.2)
  rdoc (~> 3.12)
  right_amqp!
  rspec (~> 2.8)
  ruby-debug19
