GIT
  remote: git@github.com:rightscale/right_support.git
  revision: 87949a426e1baac2ef8243a43e1da964e57aeabb
  branch: master
  specs:
    right_support (1.2.0)

PATH
  remote: .
  specs:
    right_amqp (0.2.0)
      eventmachine (~> 0.12.10)
      right_support (~> 1.2)

GEM
  remote: http://rubygems.org/
  remote: http://gems.github.com/
  remote: http://s3.amazonaws.com/rightscale_rightlink_gems_dev/
  specs:
    bacon (1.1.0)
    columnize (0.3.6)
    diff-lcs (1.1.3)
    eventmachine (0.12.11.6)
    flexmock (0.9.0)
    json (1.6.5)
    linecache (0.46)
      rbx-require-relative (> 0.0.4)
    rake (0.8.7)
    rbx-require-relative (0.0.5)
    rdoc (3.12)
      json (~> 1.4)
    rspec (2.8.0)
      rspec-core (~> 2.8.0)
      rspec-expectations (~> 2.8.0)
      rspec-mocks (~> 2.8.0)
    rspec-core (2.8.0)
    rspec-expectations (2.8.0)
      diff-lcs (~> 1.1.2)
    rspec-mocks (2.8.0)
    ruby-debug (0.10.4)
      columnize (>= 0.1)
      ruby-debug-base (~> 0.10.4.0)
    ruby-debug-base (0.10.4)
      linecache (>= 0.3)

PLATFORMS
  ruby

DEPENDENCIES
  bacon
  eventmachine (= 0.12.11.6)
  flexmock (~> 0.9)
  rake (= 0.8.7)
  rdoc (>= 2.4.2)
  right_amqp!
  right_support (~> 1.2)!
  rspec (~> 2.5)
  ruby-debug (>= 0.10)
