PATH
  remote: .
  specs:
    right_amqp (0.8.7)
      eventmachine (>= 0.12.10, < 2.0)
      right_support (>= 1.2, < 3.0)

GEM
  remote: https://rubygems.org/
  specs:
    bacon (1.1.0)
    builder (3.2.2)
    byebug (3.5.1)
      columnize (~> 0.8)
      debugger-linecache (~> 1.2)
      slop (~> 3.6)
    coderay (1.1.0)
    columnize (0.8.9)
    debugger-linecache (1.2.0)
    diff-lcs (1.2.5)
    docile (1.1.5)
    eventmachine (1.0.3)
    flexmock (1.3.3)
    json (1.8.1)
    linecache (0.46)
      rbx-require-relative (> 0.0.4)
    method_source (0.8.2)
    multi_json (1.10.1)
    pry (0.10.1)
      coderay (~> 1.1.0)
      method_source (~> 0.8.1)
      slop (~> 3.4)
    pry-byebug (2.0.0)
      byebug (~> 3.4)
      pry (~> 0.10)
    rack (1.5.2)
    rake (10.3.2)
    rbx-require-relative (0.0.9)
    right_aws (3.1.0)
      right_http_connection (>= 1.2.5)
    right_develop (3.1.5)
      builder (~> 3.0)
      rack
      right_aws (>= 2.1.0)
      right_git (>= 1.0)
      right_support (>= 2.8.31, < 3.0.0)
      trollop (>= 1.0, < 3.0)
    right_git (1.0.1)
      right_support (>= 2.8.10)
    right_http_connection (1.5.0)
    right_support (2.8.32)
    rspec (2.13.0)
      rspec-core (~> 2.13.0)
      rspec-expectations (~> 2.13.0)
      rspec-mocks (~> 2.13.0)
    rspec-core (2.13.1)
    rspec-expectations (2.13.0)
      diff-lcs (>= 1.1.3, < 2.0)
    rspec-mocks (2.13.1)
    ruby-debug (0.10.4)
      columnize (>= 0.1)
      ruby-debug-base (~> 0.10.4.0)
    ruby-debug-base (0.10.4)
      linecache (>= 0.3)
    simplecov (0.9.1)
      docile (~> 1.1.0)
      multi_json (~> 1.0)
      simplecov-html (~> 0.8.0)
    simplecov-html (0.8.0)
    slop (3.6.0)
    trollop (2.0)

PLATFORMS
  ruby

DEPENDENCIES
  bacon
  flexmock (~> 1.0)
  json (~> 1.4)
  pry
  pry-byebug
  rake (>= 0.9.2.2)
  right_amqp!
  right_develop (~> 3.1)
  rspec (~> 2.13.0)
  ruby-debug
  simplecov
