GIT
  remote: git@github.com:rightscale/right_support.git
  revision: 87949a426e1baac2ef8243a43e1da964e57aeabb
  branch: master
  specs:
    right_support (1.2.0)

GIT
  remote: https://github.com/eventmachine/eventmachine.git
  revision: 9bb885c035ac75e80d74da30829c9d2449dcf78d
  ref: 9bb885c035ac75e80d74da30829c9d2449dcf78d
  specs:
    eventmachine (1.0.0.beta.4)

PATH
  remote: .
  specs:
    right_amqp (0.3.0)
      eventmachine (>= 0.12.10)
      right_support (~> 1.2)

GEM
  remote: http://rubygems.org/
  remote: http://gems.github.com/
  remote: http://s3.amazonaws.com/rightscale_rightlink_gems_dev/
  specs:
    archive-tar-minitar (0.5.2)
    bacon (1.1.0)
    columnize (0.3.6)
    diff-lcs (1.1.3)
    flexmock (0.9.0)
    json (1.6.5)
    linecache19 (0.5.12)
      ruby_core_source (>= 0.1.4)
    rake (0.9.2.2)
    rdoc (3.12)
      json (~> 1.4)
    rspec (2.8.0)
      rspec-core (~> 2.8.0)
      rspec-expectations (~> 2.8.0)
      rspec-mocks (~> 2.8.0)
    rspec-core (2.8.0)
    rspec-expectations (2.8.0)
      diff-lcs (~> 1.1.2)
    rspec-mocks (2.8.0)
    ruby-debug-base19 (0.11.25)
      columnize (>= 0.3.1)
      linecache19 (>= 0.5.11)
      ruby_core_source (>= 0.1.4)
    ruby-debug19 (0.11.6)
      columnize (>= 0.3.1)
      linecache19 (>= 0.5.11)
      ruby-debug-base19 (>= 0.11.19)
    ruby_core_source (0.1.5)
      archive-tar-minitar (>= 0.5.2)

PLATFORMS
  ruby
  x86-mingw32

DEPENDENCIES
  bacon
  eventmachine (= 1.0.0.beta.4)!
  flexmock (~> 0.9)
  rake (= 0.9.2.2)
  rdoc (~> 3.12)
  right_amqp!
  right_support (~> 1.2)!
  rspec (~> 2.8)
  ruby-debug19
